GEM
  remote: http://rubygems.org/
  specs:
    rake (0.8.7)
    sequel (3.22.0)
    sqlite3 (1.3.3)
    sqlite3-ruby (1.3.3)
      sqlite3 (>= 1.3.3)

PLATFORMS
  ruby

DEPENDENCIES
  rake
  sequel
  sqlite3-ruby
